PATH
  remote: .
  specs:
    kafka-opentracing (0.4.0.pre)
      opentracing (~> 0.5.0)

GEM
  remote: https://rubygems.org/
  specs:
    diff-lcs (1.3)
    digest-crc (0.4.1)
    opentracing (0.5.0)
    rake (10.5.0)
    rspec (3.8.0)
      rspec-core (~> 3.8.0)
      rspec-expectations (~> 3.8.0)
      rspec-mocks (~> 3.8.0)
    rspec-core (3.8.2)
      rspec-support (~> 3.8.0)
    rspec-expectations (3.8.4)
      diff-lcs (>= 1.2.0, < 2.0)
      rspec-support (~> 3.8.0)
    rspec-mocks (3.8.1)
      diff-lcs (>= 1.2.0, < 2.0)
      rspec-support (~> 3.8.0)
    rspec-support (3.8.2)
    ruby-kafka (0.7.6.beta2)
      digest-crc

PLATFORMS
  ruby

DEPENDENCIES
  bundler (~> 2.0)
  kafka-opentracing!
  rake (~> 10.0)
  rspec (~> 3.0)
  ruby-kafka (>= 0.7.0)

BUNDLED WITH
   2.0.2
